GEM
  remote: https://rubygems.org/
  specs:
    mini_portile2 (2.3.0)
    nokogiri (1.8.2)
      mini_portile2 (~> 2.3.0)
    require_all (2.0.0)

PLATFORMS
  ruby

DEPENDENCIES
  nokogiri
  require_all

BUNDLED WITH
   1.16.2
